GEM
  remote: https://rubygems.org/
  specs:
    coderay (1.1.0)
    diff-lcs (1.2.5)
    ffi (1.9.3-java)
    method_source (0.8.2)
    pry (0.9.12.6)
      coderay (~> 1.0)
      method_source (~> 0.8)
      slop (~> 3.4)
    pry (0.9.12.6-java)
      coderay (~> 1.0)
      method_source (~> 0.8)
      slop (~> 3.4)
      spoon (~> 0.0)
    puma (2.8.2)
      rack (>= 1.1, < 2.0)
    puma (2.8.2-java)
      rack (>= 1.1, < 2.0)
    rack (1.5.2)
    rack-protection (1.5.3)
      rack
    rake (10.3.2)
    rspec (3.0.0)
      rspec-core (~> 3.0.0)
      rspec-expectations (~> 3.0.0)
      rspec-mocks (~> 3.0.0)
    rspec-core (3.0.0)
      rspec-support (~> 3.0.0)
    rspec-expectations (3.0.0)
      diff-lcs (>= 1.2.0, < 2.0)
      rspec-support (~> 3.0.0)
    rspec-mocks (3.0.1)
      rspec-support (~> 3.0.0)
    rspec-support (3.0.0)
    sinatra (1.4.5)
      rack (~> 1.4)
      rack-protection (~> 1.4)
      tilt (~> 1.3, >= 1.3.4)
    slop (3.5.0)
    spoon (0.0.4)
      ffi
    tilt (1.4.1)

PLATFORMS
  java
  ruby

DEPENDENCIES
  pry
  puma
  rake
  rspec
  sinatra
